GEM
  remote: https://rubygems.org/
  specs:
    mustermann (2.0.2)
      ruby2_keywords (~> 0.0.1)
    rack (2.2.9)
    rack-protection (2.2.4)
      rack
    ruby2_keywords (0.0.5)
    sinatra (2.2.4)
      mustermann (~> 2.0)
      rack (~> 2.2)
      rack-protection (= 2.2.4)
      tilt (~> 2.0)
    tilt (2.4.0)
    webrick (1.8.2)

PLATFORMS
  x86_64-linux-musl

DEPENDENCIES
  rack (~> 2.2)
  sinatra (~> 2.2)
  webrick (~> 1.7)

RUBY VERSION
   ruby 3.1.6

BUNDLED WITH
   2.3.7
